GEM
  remote: https://rubygems.org/
  specs:
    activesupport (5.1.6)
      concurrent-ruby (~> 1.0, >= 1.0.2)
      i18n (>= 0.7, < 2)
      minitest (~> 5.1)
      tzinfo (~> 1.1)
    aws-sdk (2.11.26)
      aws-sdk-resources (= 2.11.26)
    aws-sdk-core (2.11.26)
      aws-sigv4 (~> 1.0)
      jmespath (~> 1.0)
    aws-sdk-resources (2.11.26)
      aws-sdk-core (= 2.11.26)
    aws-sigv4 (1.0.2)
    concurrent-ruby (1.0.4)
    confidante (0.7.0)
      activesupport (>= 4.0.2)
      hiera (~> 3.3, >= 3.3.1)
    docker-api (1.34.2)
      excon (>= 0.47.0)
      multi_json
    dotenv (2.2.1)
    excon (0.62.0)
    hamster (3.0.0)
      concurrent-ruby (~> 1.0)
    hiera (3.4.2)
    i18n (1.0.0)
      concurrent-ruby (~> 1.0)
    jmespath (1.3.1)
    lino (1.1.0)
      hamster (~> 3.0)
      open4 (~> 1.3)
    minitar (0.6.1)
    minitest (5.11.3)
    multi_json (1.13.1)
    open4 (1.3.4)
    rake (11.3.0)
    rake_dependencies (0.15.1)
      hamster (~> 3.0)
      minitar (~> 0.6)
      rubyzip (~> 1.1)
    rake_docker (0.12.0)
      aws-sdk (~> 2.10)
      docker-api (~> 1.34)
    rake_fly (0.6.0)
      rake_dependencies (~> 0.15)
      ruby_fly (~> 0.4)
    rake_terraform (0.16.0)
      rake_dependencies (~> 0.15)
      ruby-terraform (~> 0.9)
    ruby-terraform (0.9.0)
      lino (~> 1.1)
    ruby_fly (0.4.1)
      lino (~> 1.1)
    rubyzip (1.2.1)
    semantic (1.6.0)
    thread_safe (0.3.6)
    tzinfo (1.2.5)
      thread_safe (~> 0.1)

PLATFORMS
  ruby

DEPENDENCIES
  activesupport (~> 5.1, >= 5.1.1)
  confidante (~> 0.6)
  docker-api (~> 1.33)
  dotenv (~> 2.2)
  lino (~> 1.1)
  rake (~> 11.2)
  rake_dependencies (~> 0.15)
  rake_docker (~> 0.10)
  rake_fly (~> 0.6)
  rake_terraform (~> 0.16)
  semantic (~> 1.4, >= 1.4.1)

BUNDLED WITH
   1.16.1
