GEM
  remote: https://rubygems.org/
  specs:
    activesupport (6.0.1)
      concurrent-ruby (~> 1.0, >= 1.0.2)
      i18n (>= 0.7, < 2)
      minitest (~> 5.1)
      tzinfo (~> 1.1)
      zeitwerk (~> 2.2)
    aws-eventstream (1.0.3)
    aws-partitions (1.251.0)
    aws-sdk-core (3.84.0)
      aws-eventstream (~> 1.0, >= 1.0.2)
      aws-partitions (~> 1, >= 1.239.0)
      aws-sigv4 (~> 1.1)
      jmespath (~> 1.0)
    aws-sdk-ecr (1.23.0)
      aws-sdk-core (~> 3, >= 3.71.0)
      aws-sigv4 (~> 1.1)
    aws-sigv4 (1.1.0)
      aws-eventstream (~> 1.0, >= 1.0.2)
    colored2 (3.1.2)
    concurrent-ruby (1.1.5)
    confidante (0.13.0)
      activesupport (>= 5.2)
      hiera (~> 3.3, >= 3.3.1)
      shikashi (~> 0.6)
    docker-api (1.34.2)
      excon (>= 0.47.0)
      multi_json
    dotenv (2.7.5)
    evalhook (0.6.0)
      partialruby (~> 0.3)
      sexp_processor (~> 4.0)
    excon (0.71.0)
    getsource (0.2.2)
    hamster (3.0.0)
      concurrent-ruby (~> 1.0)
    hiera (3.6.0)
    i18n (1.7.0)
      concurrent-ruby (~> 1.0)
    jmespath (1.4.0)
    lino (1.1.0)
      hamster (~> 3.0)
      open4 (~> 1.3)
    minitar (0.9)
    minitest (5.13.0)
    multi_json (1.14.1)
    open4 (1.3.4)
    partialruby (0.3.0)
      ruby2ruby (~> 2)
      ruby_parser (~> 3)
    rake (13.0.1)
    rake_dependencies (0.23.0)
      hamster (~> 3.0)
      minitar (~> 0.7)
      rubyzip (>= 1.2.2)
    rake_docker (0.23.0)
      aws-sdk-ecr (~> 1.2)
      colored2 (~> 3.1)
      docker-api (~> 1.34)
    rake_fly (0.21.0)
      rake_dependencies (~> 0.19)
      ruby_fly (~> 0.5)
      semantic (~> 1.6.1)
    rake_terraform (0.31.0)
      colored2 (~> 3.1)
      rake_dependencies (~> 0.23)
      ruby-terraform (~> 0.44)
    ruby-terraform (0.48.0)
      lino (~> 1.1)
    ruby2ruby (2.4.4)
      ruby_parser (~> 3.1)
      sexp_processor (~> 4.6)
    ruby_fly (0.9.0)
      lino (~> 1.1)
    ruby_parser (3.14.1)
      sexp_processor (~> 4.9)
    rubyzip (2.0.0)
    semantic (1.6.1)
    sexp_processor (4.13.0)
    shikashi (0.6.0)
      evalhook (>= 0.6.0)
      getsource (>= 0.1.0)
    thread_safe (0.3.6)
    tzinfo (1.2.5)
      thread_safe (~> 0.1)
    zeitwerk (2.2.2)

PLATFORMS
  ruby

DEPENDENCIES
  activesupport (~> 6.0)
  confidante (~> 0.13)
  docker-api (~> 1.33)
  dotenv (~> 2.7)
  lino (~> 1.1)
  rake (~> 13.0)
  rake_dependencies (~> 0.23)
  rake_docker (~> 0.23)
  rake_fly (~> 0.21)
  rake_terraform (~> 0.31)
  semantic (~> 1.6)

BUNDLED WITH
   1.17.3
