GEM
  remote: https://rubygems.org/
  specs:
    activesupport (7.1.1)
      base64
      bigdecimal
      concurrent-ruby (~> 1.0, >= 1.0.2)
      connection_pool (>= 2.2.5)
      drb
      i18n (>= 1.6, < 2)
      minitest (>= 5.1)
      mutex_m
      tzinfo (~> 2.0)
    addressable (2.8.5)
      public_suffix (>= 2.0.2, < 6.0)
    ast (2.4.2)
    aws-eventstream (1.2.0)
    aws-partitions (1.843.0)
    aws-sdk-core (3.185.1)
      aws-eventstream (~> 1, >= 1.0.2)
      aws-partitions (~> 1, >= 1.651.0)
      aws-sigv4 (~> 1.5)
      jmespath (~> 1, >= 1.6.1)
    aws-sdk-ecr (1.65.0)
      aws-sdk-core (~> 3, >= 3.184.0)
      aws-sigv4 (~> 1.1)
    aws-sigv4 (1.6.1)
      aws-eventstream (~> 1, >= 1.0.2)
    base64 (0.1.1)
    bigdecimal (3.1.4)
    colored2 (3.1.2)
    concourse.rb (0.5.0)
      excon (~> 0.72)
      semantic (~> 1.5)
    concurrent-ruby (1.2.2)
    confidante (0.28.0)
      activesupport (>= 4)
      hiera (~> 3.3)
      shikashi (~> 0.6)
      vault (~> 0.17)
    connection_pool (2.4.1)
    docker-api (2.2.0)
      excon (>= 0.47.0)
      multi_json
    dotenv (2.8.1)
    down (5.4.1)
      addressable (~> 2.8)
    drb (2.1.1)
      ruby2_keywords
    evalhook (0.6.0)
      partialruby (~> 0.3)
      sexp_processor (~> 4.0)
    excon (0.104.0)
    getsource (0.2.2)
    hamster (3.0.0)
      concurrent-ruby (~> 1.0)
    hiera (3.12.0)
    i18n (1.14.1)
      concurrent-ruby (~> 1.0)
    immutable-struct (2.4.1)
    jmespath (1.6.2)
    json (2.6.3)
    language_server-protocol (3.17.0.3)
    lino (3.1.0)
      hamster (~> 3.0)
      open4 (~> 1.3)
    mini_portile2 (2.8.5)
    minitar (0.9)
    minitest (5.20.0)
    multi_json (1.15.0)
    mutex_m (0.1.2)
    nokogiri (1.16.2)
      mini_portile2 (~> 2.8.2)
      racc (~> 1.4)
    open4 (1.3.4)
    parallel (1.23.0)
    parser (3.2.2.4)
      ast (~> 2.4.1)
      racc
    partialruby (0.3.0)
      ruby2ruby (~> 2)
      ruby_parser (~> 3)
    public_suffix (5.0.3)
    racc (1.7.3)
    rainbow (3.1.1)
    rake (13.1.0)
    rake_dependencies (3.5.0)
      down (~> 5.3)
      hamster (~> 3.0)
      minitar (~> 0.9)
      rake_factory (~> 0.23)
      rubyzip (>= 1.3)
    rake_docker (2.19.0)
      aws-sdk-ecr (~> 1.2)
      colored2 (~> 3.1)
      docker-api (>= 1.34, < 3.0)
      rake_factory (~> 0.23)
    rake_factory (0.31.0)
      activesupport (>= 4)
      rake (~> 13.0)
    rake_fly (2.13.0)
      concourse.rb (>= 0.4)
      rake_dependencies (~> 3.1)
      rake_factory (~> 0.29)
      ruby_fly (>= 0.35)
      semantic (~> 1.6)
    rake_terraform (1.23.0)
      colored2 (~> 3.1)
      rake_dependencies (~> 3.1)
      rake_factory (~> 0.23)
      ruby-terraform (~> 1.4)
    regexp_parser (2.8.2)
    rexml (3.2.6)
    rubocop (1.57.2)
      json (~> 2.3)
      language_server-protocol (>= 3.17.0)
      parallel (~> 1.10)
      parser (>= 3.2.2.4)
      rainbow (>= 2.2.2, < 4.0)
      regexp_parser (>= 1.8, < 3.0)
      rexml (>= 3.2.5, < 4.0)
      rubocop-ast (>= 1.28.1, < 2.0)
      ruby-progressbar (~> 1.7)
      unicode-display_width (>= 2.4.0, < 3.0)
    rubocop-ast (1.30.0)
      parser (>= 3.2.1.0)
    rubocop-rake (0.6.0)
      rubocop (~> 1.0)
    ruby-progressbar (1.13.0)
    ruby-terraform (1.7.0)
      immutable-struct (~> 2.4)
      lino (~> 3.0)
    ruby2_keywords (0.0.5)
    ruby2ruby (2.5.0)
      ruby_parser (~> 3.1)
      sexp_processor (~> 4.6)
    ruby_fly (0.39.0)
      lino (~> 3.0)
    ruby_parser (3.20.3)
      sexp_processor (~> 4.16)
    rubyzip (2.3.2)
    semantic (1.6.1)
    sexp_processor (4.17.0)
    shikashi (0.6.0)
      evalhook (>= 0.6.0)
      getsource (>= 0.1.0)
    tzinfo (2.0.6)
      concurrent-ruby (~> 1.0)
    unicode-display_width (2.5.0)
    vault (0.18.1)
      aws-sigv4

PLATFORMS
  ruby

DEPENDENCIES
  activesupport
  confidante
  docker-api
  dotenv
  lino
  nokogiri
  rake
  rake_dependencies
  rake_docker
  rake_fly
  rake_terraform
  rubocop
  rubocop-rake
  semantic

BUNDLED WITH
   2.3.9
